GEM
  remote: http://rubygems.org/
  specs:
    bson (1.6.4)
    bson_ext (1.6.4)
      bson (~> 1.6.4)
    builder (3.0.0)
    haml (3.1.7)
    json (1.7.4)
    mongo (1.6.4)
      bson (~> 1.6.4)
    rack (1.4.1)
    rack-protection (1.2.0)
      rack
    rsolr (1.0.8)
      builder (>= 2.1.2)
    sinatra (1.3.2)
      rack (~> 1.3, >= 1.3.6)
      rack-protection (~> 1.2)
      tilt (~> 1.3, >= 1.3.3)
    tilt (1.3.3)
    will_paginate (3.0.3)

PLATFORMS
  ruby

DEPENDENCIES
  bson_ext
  haml
  json
  mongo
  rsolr
  sinatra
  will_paginate
