GEM
  remote: http://rubygems.org/
  specs:
    builder (3.0.0)
    faraday (0.8.4)
      multipart-post (~> 1.1)
    faraday_middleware (0.9.0)
      faraday (>= 0.7.4, < 0.9)
    haml (3.1.7)
    json (1.7.4)
    multipart-post (1.1.5)
    rack (1.4.1)
    rack-protection (1.2.0)
      rack
    sinatra (1.3.2)
      rack (~> 1.3, >= 1.3.6)
      rack-protection (~> 1.2)
      tilt (~> 1.3, >= 1.3.3)
    tilt (1.3.3)
    will_paginate (3.0.3)

PLATFORMS
  ruby

DEPENDENCIES
  faraday
  faraday_middleware
  haml
  json
  sinatra
  will_paginate
