GEM
  remote: http://rubygems.org/
  specs:
    bson (1.6.4)
    bson_ext (1.5.1)
    builder (3.2.2)
    faraday (0.9.2)
      multipart-post (>= 1.2, < 3)
    faraday_middleware (0.10.1)
      faraday (>= 0.7.4, < 1.0)
    gabba (1.0.1)
    haml (4.0.7)
      tilt
    hashie (3.4.6)
    json (2.0.2)
    jwt (1.5.6)
    kgio (2.10.0)
    mini_portile2 (2.1.0)
    mongo (1.6.4)
      bson (~> 4.2.0)
    mono_logger (1.1.0)
    multi_json (1.12.1)
    multi_xml (0.6.0)
    multipart-post (2.0.0)
    nokogiri (1.6.8.1)
      mini_portile2 (~> 2.1.0)
    oauth2 (1.2.0)
      faraday (>= 0.8, < 0.10)
      jwt (~> 1.0)
      multi_json (~> 1.3)
      multi_xml (~> 0.5)
      rack (>= 1.2, < 3)
    omniauth (1.3.1)
      hashie (>= 1.2, < 4)
      rack (>= 1.0, < 3)
    omniauth-oauth2 (1.4.0)
      oauth2 (~> 1.0)
      omniauth (~> 1.2)
    omniauth-orcid (1.2.2)
      omniauth-oauth2 (~> 1.3)
    parallel (1.10.0)
    rack (1.6.5)
    rack-protection (1.5.3)
      rack
    rack-session-mongo (0.0.1)
      mongo
      rack
    raindrops (0.17.0)
    rake (12.0.0)
    redis (3.3.2)
    redis-namespace (1.5.2)
      redis (~> 3.0, >= 3.0.4)
    resque (1.26.0)
      mono_logger (~> 1.0)
      multi_json (~> 1.0)
      redis-namespace (~> 1.3)
      sinatra (>= 0.9.2)
      vegas (~> 0.1.2)
    resque-pool (0.6.0)
      rake
      resque (~> 1.22)
    rsolr (1.1.2)
      builder (>= 2.1.2)
    sinatra (1.4.7)
      rack (~> 1.5)
      rack-protection (~> 1.4)
      tilt (>= 1.3, < 3)
    tilt (2.0.5)
    unicorn (5.2.0)
      kgio (~> 2.6)
      raindrops (~> 0.7)
    vegas (0.1.11)
      rack (>= 1.0.0)
    will_paginate (3.1.5)

PLATFORMS
  ruby

DEPENDENCIES
  bson
  bson_ext
  faraday
  faraday_middleware
  gabba
  haml
  json
  mongo
  nokogiri
  oauth2
  omniauth-orcid
  parallel
  rack-session-mongo
  rake
  resque
  resque-pool
  rsolr
  sinatra
  unicorn
  will_paginate

BUNDLED WITH
   1.13.6
